PATH
  remote: .
  specs:
    ruby_games (0.1.0)
      sinatra (~> 2.0)

GEM
  remote: https://rubygems.org/
  specs:
    minitest (5.10.3)
    mustermann (1.0.1)
    rack (2.0.3)
    rack-protection (2.0.0)
      rack
    rake (10.5.0)
    sinatra (2.0.0)
      mustermann (~> 1.0)
      rack (~> 2.0)
      rack-protection (= 2.0.0)
      tilt (~> 2.0)
    tilt (2.0.8)

PLATFORMS
  ruby

DEPENDENCIES
  bundler (~> 1.13)
  minitest (~> 5.0)
  rake (~> 10.0)
  ruby_games!

BUNDLED WITH
   1.13.7
